GEM
  remote: https://rubygems.org/
  specs:
    coderay (1.1.3)
    erubis (2.7.0)
    method_source (1.0.0)
    multi_json (1.15.0)
    mustermann (2.0.2)
      ruby2_keywords (~> 0.0.1)
    nio4r (2.5.8)
    pg (1.4.5)
    pry (0.14.1)
      coderay (~> 1.1)
      method_source (~> 1.0)
    puma (5.6.5)
      nio4r (~> 2.0)
    rack (2.2.4)
    rack-protection (2.2.2)
      rack
    ruby2_keywords (0.0.5)
    sinatra (2.2.2)
      mustermann (~> 2.0)
      rack (~> 2.2)
      rack-protection (= 2.2.2)
      tilt (~> 2.0)
    sinatra-contrib (2.2.2)
      multi_json
      mustermann (~> 2.0)
      rack-protection (= 2.2.2)
      sinatra (= 2.2.2)
      tilt (~> 2.0)
    tilt (2.0.11)

PLATFORMS
  x86_64-darwin-19
  x86_64-linux

DEPENDENCIES
  erubis
  pg
  pry
  puma
  sinatra
  sinatra-contrib

RUBY VERSION
   ruby 3.0.3p157

BUNDLED WITH
   2.3.22
